PATH
  remote: .
  specs:
    inventory-server (0.0.1)
      crack
      filum
      gserver
      json
      mail
      middleware
      midi-smtp-server
      rest-client

GEM
  remote: https://rubygems.org/
  specs:
    addressable (2.3.7)
    crack (0.4.2)
      safe_yaml (~> 1.0.0)
    diff-lcs (1.2.5)
    filum (2.2.1)
    gserver (0.0.1)
    json (1.8.2)
    mail (2.6.3)
      mime-types (>= 1.16, < 3)
    middleware (0.1.0)
    midi-smtp-server (1.0.0)
    mime-types (2.4.3)
    netrc (0.10.2)
    rake (10.4.2)
    rest-client (1.7.2)
      mime-types (>= 1.16, < 3.0)
      netrc (~> 0.7)
    rspec (3.2.0)
      rspec-core (~> 3.2.0)
      rspec-expectations (~> 3.2.0)
      rspec-mocks (~> 3.2.0)
    rspec-core (3.2.0)
      rspec-support (~> 3.2.0)
    rspec-expectations (3.2.0)
      diff-lcs (>= 1.2.0, < 2.0)
      rspec-support (~> 3.2.0)
    rspec-mocks (3.2.0)
      diff-lcs (>= 1.2.0, < 2.0)
      rspec-support (~> 3.2.0)
    rspec-support (3.2.1)
    safe_yaml (1.0.4)
    webmock (1.20.4)
      addressable (>= 2.3.6)
      crack (>= 0.3.2)

PLATFORMS
  ruby

DEPENDENCIES
  bundler (~> 1.7)
  inventory-server!
  rake (~> 10.0)
  rspec (~> 3.0)
  webmock (~> 1.20)
