GEM
  remote: https://rubygems.org/
  specs:
    filum (2.2.1)
    gserver (0.0.1)
    mail (2.6.3)
      mime-types (>= 1.16, < 3)
    midi-smtp-server (1.0.0)
    mime-types (2.4.3)
    netrc (0.9.0)
    rest-client (1.7.2)
      mime-types (>= 1.16, < 3.0)
      netrc (~> 0.7)

PLATFORMS
  ruby

DEPENDENCIES
  filum
  gserver
  mail
  midi-smtp-server
  rest-client
