PATH
  remote: .
  specs:
    inventory-server (0.0.1)
      crack
      filum
      gserver
      json
      mail
      middleware
      midi-smtp-server
      rest-client

GEM
  remote: https://rubygems.org/
  specs:
    crack (0.4.2)
      safe_yaml (~> 1.0.0)
    filum (2.2.1)
    gserver (0.0.1)
    json (1.8.2)
    mail (2.6.3)
      mime-types (>= 1.16, < 3)
    middleware (0.1.0)
    midi-smtp-server (1.0.0)
    mime-types (2.4.3)
    netrc (0.10.2)
    rake (10.4.2)
    rest-client (1.7.2)
      mime-types (>= 1.16, < 3.0)
      netrc (~> 0.7)
    safe_yaml (1.0.4)

PLATFORMS
  ruby

DEPENDENCIES
  bundler (~> 1.7)
  inventory-server!
  rake (~> 10.0)
